GEM
  remote: http://rubygems.org/
  specs:
    addressable (2.2.6)
    faraday (0.6.1)
      addressable (~> 2.2.4)
      multipart-post (~> 1.1.0)
      rack (>= 1.1.0, < 2)
    faraday_middleware (0.6.3)
      faraday (~> 0.6.0)
    hashie (1.0.0)
    mechanize (1.0.0)
      nokogiri (>= 1.2.1)
    multi_json (1.0.3)
    multi_xml (0.2.2)
    multipart-post (1.1.1)
    nokogiri (1.4.4)
    rack (1.3.0)
    rash (0.3.0)
      hashie (~> 1.0.0)
    simple_oauth (0.1.5)
    twitter (1.4.1)
      faraday (~> 0.6.1)
      faraday_middleware (~> 0.6.3)
      hashie (~> 1.0.0)
      multi_json (~> 1.0.0)
      multi_xml (~> 0.2.0)
      rash (~> 0.3.0)
      simple_oauth (~> 0.1.4)

PLATFORMS
  ruby

DEPENDENCIES
  mechanize
  nokogiri
  twitter
